PATH
  remote: .
  specs:
    fruit_juice (0.5.0)
      json (>= 2.4.1)
      redis (>= 4.0.0)

GEM
  remote: https://rubygems.org/
  specs:
    byebug (11.1.3)
    connection_pool (2.3.0)
    diff-lcs (1.5.0)
    json (2.6.3)
    rake (13.0.6)
    redis (5.0.5)
      redis-client (>= 0.9.0)
    redis-client (0.11.2)
      connection_pool
    rspec (3.12.0)
      rspec-core (~> 3.12.0)
      rspec-expectations (~> 3.12.0)
      rspec-mocks (~> 3.12.0)
    rspec-core (3.12.0)
      rspec-support (~> 3.12.0)
    rspec-expectations (3.12.0)
      diff-lcs (>= 1.2.0, < 2.0)
      rspec-support (~> 3.12.0)
    rspec-mocks (3.12.1)
      diff-lcs (>= 1.2.0, < 2.0)
      rspec-support (~> 3.12.0)
    rspec-support (3.12.0)

PLATFORMS
  arm64-darwin-22

DEPENDENCIES
  byebug
  fruit_juice!
  rake (~> 13.0)
  rspec (~> 3.0)

BUNDLED WITH
   2.3.26
